GEM
  remote: https://rubygems.org/
  specs:
    activesupport (7.1.3)
      base64
      bigdecimal
      concurrent-ruby (~> 1.0, >= 1.0.2)
      connection_pool (>= 2.2.5)
      drb
      i18n (>= 1.6, < 2)
      minitest (>= 5.1)
      mutex_m
      tzinfo (~> 2.0)
    base64 (0.2.0)
    bigdecimal (3.1.6)
    concurrent-ruby (1.2.3)
    connection_pool (2.4.1)
    drb (2.2.0)
      ruby2_keywords
    hana (1.3.7)
    i18n (1.14.1)
      concurrent-ruby (~> 1.0)
    json_schemer (2.1.1)
      hana (~> 1.3)
      regexp_parser (~> 2.0)
      simpleidn (~> 0.2)
    minitest (5.22.2)
    mustermann (3.0.0)
      ruby2_keywords (~> 0.0.1)
    mutex_m (0.2.0)
    nio4r (2.7.0)
    puma (6.4.2)
      nio4r (~> 2.0)
    rack (3.0.9)
    rack-protection (4.0.0)
      base64 (>= 0.1.0)
      rack (>= 3.0.0, < 4)
    rack-session (2.0.0)
      rack (>= 3.0.0)
    rack-unreloader (2.1.0)
    rackup (2.1.0)
      rack (>= 3)
      webrick (~> 1.8)
    regexp_parser (2.9.0)
    ruby2_keywords (0.0.5)
    simpleidn (0.2.1)
      unf (~> 0.1.4)
    sinatra (4.0.0)
      mustermann (~> 3.0)
      rack (>= 3.0.0, < 4)
      rack-protection (= 4.0.0)
      rack-session (>= 2.0.0, < 3)
      tilt (~> 2.0)
    tilt (2.3.0)
    tzinfo (2.0.6)
      concurrent-ruby (~> 1.0)
    unf (0.1.4)
      unf_ext
    unf_ext (0.0.9.1)
    webrick (1.8.1)

PLATFORMS
  ruby
  x86_64-linux

DEPENDENCIES
  activesupport
  json_schemer
  puma (~> 6.4)
  rack
  rack-unreloader
  rackup
  sinatra (~> 4)

RUBY VERSION
   ruby 3.2.2p53

BUNDLED WITH
   2.5.5
